NUGET
  remote: https://www.nuget.org/api/v2
    FAKE (4.19)
    FSharp.Compiler.Service (2.0.0.4)
    FSharp.Compiler.Tools (4.0.1.10)
    FSharp.Core (4.0.0.1)
    FSharp.Data (2.2.5)
      Zlib.Portable (>= 1.10) - framework: portable-net40+sl50+wp80+win80
    Suave (1.1.1)
      FSharp.Core (>= 3.1.2.5)
    Zlib.Portable (1.11) - framework: portable-net40+sl50+wp80+win80
